PATH
  remote: /Users/warkocz/RubymineProjects/contentful-management.rb
  specs:
    contentful-management (0.2.0)
      http (~> 0.6)
      multi_json (~> 1)

GEM
  remote: https://rubygems.org/
  specs:
    ast (2.0.0)
    http (0.6.2)
      http_parser.rb (~> 0.6.0)
    http_parser.rb (0.6.0)
    json (1.8.1)
    multi_json (1.10.1)
    parser (2.2.0.pre.3)
      ast (>= 1.1, < 3.0)
      slop (~> 3.4, >= 3.4.5)
    powerpack (0.0.9)
    rainbow (2.0.0)
    rubocop (0.24.1)
      json (>= 1.7.7, < 2)
      parser (>= 2.2.0.pre.3, < 3.0)
      powerpack (~> 0.0.6)
      rainbow (>= 1.99.1, < 3.0)
      ruby-progressbar (~> 1.4)
    ruby-progressbar (1.5.1)
    slop (3.6.0)

PLATFORMS
  ruby

DEPENDENCIES
  contentful-management!
  rubocop
